GEM
  remote: http://rubygems.org/
  specs:
    diff-lcs (1.2.1)
    json (1.7.7)
    rake (10.0.3)
    rcov (1.0.0)
    rdoc (4.0.0)
      json (~> 1.4)
    roodi (2.2.0)
      ruby_parser (~> 2.3.0)
    rspec (2.13.0)
      rspec-core (~> 2.13.0)
      rspec-expectations (~> 2.13.0)
      rspec-mocks (~> 2.13.0)
    rspec-core (2.13.0)
    rspec-expectations (2.13.0)
      diff-lcs (>= 1.1.3, < 2.0)
    rspec-mocks (2.13.0)
    ruby_parser (2.3.1)
      sexp_processor (~> 3.0)
    sexp_processor (3.2.0)
    yard (0.8.5.2)
    yard-rspec (0.1)
      yard

PLATFORMS
  ruby

DEPENDENCIES
  rake
  rcov
  rdoc
  roodi
  rspec
  yard
  yard-rspec
